GEM
  remote: https://rubygems.org/
  specs:
    ast (2.4.0)
    gauge-ruby (0.4.2)
      method_source (~> 0.8.2)
      os (= 0.9.6)
      parser (~> 2.3)
      ruby-protocol-buffers (= 1.5.1)
    method_source (0.8.2)
    os (0.9.6)
    parser (2.4.0.2)
      ast (~> 2.3)
    power_assert (1.1.1)
    ruby-protocol-buffers (1.5.1)
    test-unit (3.2.7)
      power_assert

PLATFORMS
  x64-mingw32

DEPENDENCIES
  gauge-ruby (~> 0.4.2)
  test-unit

BUNDLED WITH
   1.16.0
